PATH
  remote: .
  specs:
    hubtime (0.0.1)
      active_support (~> 3.0)
      commander (~> 4.1)
      erubis (~> 2.7)
      hashie (~> 1.2)
      i18n (~> 0.6)
      octokit (~> 1.20)
      terminal-table (~> 1.4)
      tzinfo (~> 0.3)

GEM
  remote: http://rubygems.org/
  specs:
    active_support (3.0.0)
      activesupport (= 3.0.0)
    activesupport (3.0.0)
    addressable (2.3.2)
    commander (4.1.3)
      highline (~> 1.6.11)
    erubis (2.7.0)
    faraday (0.8.4)
      multipart-post (~> 1.1)
    faraday_middleware (0.9.0)
      faraday (>= 0.7.4, < 0.9)
    hashie (1.2.0)
    highline (1.6.15)
    i18n (0.6.1)
    multi_json (1.5.0)
    multipart-post (1.1.5)
    netrc (0.7.7)
    octokit (1.20.0)
      addressable (~> 2.2)
      faraday (~> 0.8)
      faraday_middleware (~> 0.9)
      hashie (~> 1.2)
      multi_json (~> 1.3)
      netrc (~> 0.7.7)
    terminal-table (1.4.5)
    tzinfo (0.3.35)

PLATFORMS
  ruby

DEPENDENCIES
  active_support
  commander
  erubis
  hashie
  hubtime!
  i18n
  octokit
  terminal-table
  tzinfo
